PATH
  remote: .
  specs:
    ckeditor-builds (1.0.0.alpha.2.1)

GEM
  remote: https://rubygems.org/
  specs:
    rake (10.4.2)

PLATFORMS
  ruby

DEPENDENCIES
  bundler (~> 1.16)
  ckeditor-builds!
  rake (~> 10.0)

BUNDLED WITH
   1.16.0
